PATH
  remote: .
  specs:
    cssmin (1.0.3)

GEM
  remote: https://rubygems.org/
  specs:
    json (1.8.1)
    minitest (5.2.2)
    rake (10.1.1)
    rdoc (4.1.1)
      json (~> 1.4)

PLATFORMS
  ruby

DEPENDENCIES
  cssmin!
  minitest
  rake
  rdoc
